GEM
  remote: http://rubygems.org/
  specs:
    activesupport (3.2.0)
      i18n (~> 0.6)
      multi_json (~> 1.0)
    chunky_png (1.2.5)
    compass (0.11.7)
      chunky_png (~> 1.2)
      fssm (>= 0.2.7)
      sass (~> 3.1)
    fssm (0.2.8.1)
    i18n (0.6.0)
    multi_json (1.0.4)
    rack (1.4.1)
    rack-protection (1.2.0)
      rack
    rack-test (0.6.1)
      rack (>= 1.0)
    sass (3.1.12)
    serve (1.5.1)
      activesupport (~> 3.0)
      i18n
      rack (~> 1.2)
      rack-test (~> 0.5)
      tilt (~> 1.3)
      tzinfo
    sinatra (1.3.2)
      rack (~> 1.3, >= 1.3.6)
      rack-protection (~> 1.2)
      tilt (~> 1.3, >= 1.3.3)
    slim (1.1.0)
      temple (~> 0.3.5)
      tilt (~> 1.3.2)
    temple (0.3.5)
    tilt (1.3.3)
    tzinfo (0.3.31)

PLATFORMS
  ruby

DEPENDENCIES
  activesupport
  compass
  rack
  sass
  serve
  sinatra
  slim
